GEM
  specs:

GEM
  remote: http://localhost:9292/
  specs:
    ghost_mode (0.1.0)

PLATFORMS
  arm64-darwin-21

DEPENDENCIES
  ghost_mode!

BUNDLED WITH
   2.4.13
